PATH
  remote: .
  specs:
    functional_shell_commands (0.1.2)

GEM
  remote: https://rubygems.org/
  specs:
    minitest (5.20.0)
    rake (13.1.0)

PLATFORMS
  x86_64-linux

DEPENDENCIES
  functional_shell_commands!
  minitest (~> 5.0)
  rake (~> 13.0)

BUNDLED WITH
   2.4.10
